PATH
  remote: .
  specs:
    swiss_system (0.0.2)
      shoes

GEM
  remote: http://rubygems.org/
  specs:
    shoes (3.0.1)

PLATFORMS
  ruby

DEPENDENCIES
  swiss_system!
